PATH
  remote: .
  specs:
    autocomplete_for (0.2.3)
      activerecord (~> 3.0)

GEM
  remote: http://rubygems.org/
  specs:
    activemodel (3.0.10)
      activesupport (= 3.0.10)
      builder (~> 2.1.2)
      i18n (~> 0.5.0)
    activerecord (3.0.10)
      activemodel (= 3.0.10)
      activesupport (= 3.0.10)
      arel (~> 2.0.10)
      tzinfo (~> 0.3.23)
    activesupport (3.0.10)
    arel (2.0.10)
    builder (2.1.2)
    i18n (0.5.0)
    pg (0.11.0)
    rake (0.8.7)
    tzinfo (0.3.30)

PLATFORMS
  ruby

DEPENDENCIES
  autocomplete_for!
  pg
  rake
