PATH
  remote: .
  specs:
    autocomplete_for (0.2.0)
      activerecord (~> 3.0.0)
      autocomplete_for

GEM
  remote: http://rubygems.org/
  specs:
    activemodel (3.0.10)
      activesupport (= 3.0.10)
      builder (~> 2.1.2)
      i18n (~> 0.5.0)
    activerecord (3.0.10)
      activemodel (= 3.0.10)
      activesupport (= 3.0.10)
      arel (~> 2.0.10)
      tzinfo (~> 0.3.23)
    activesupport (3.0.10)
    arel (2.0.10)
    builder (2.1.2)
    gemcutter (0.7.0)
    git (1.2.5)
    i18n (0.5.0)
    jeweler (1.6.4)
      bundler (~> 1.0)
      git (>= 1.2.5)
      rake
    pg (0.11.0)
    rake (0.8.7)
    tzinfo (0.3.30)

PLATFORMS
  ruby

DEPENDENCIES
  autocomplete_for!
  gemcutter
  jeweler
  pg
  rake
